GEM
  specs:
    bitcoin-client (0.0.1)
      rest-client (= 1.6.3)
    json (1.6.1)
    mime-types (1.17.2)
    rest-client (1.6.3)
      mime-types (>= 1.16)
    thor (0.14.6)

PLATFORMS
  ruby

DEPENDENCIES
  bitcoin-client (~> 0.0.1)
  json
  thor
